GEM
  remote: https://rubygems.org/
  specs:
    activemodel (7.2.2.1)
      activesupport (= 7.2.2.1)
    activerecord (7.2.2.1)
      activemodel (= 7.2.2.1)
      activesupport (= 7.2.2.1)
      timeout (>= 0.4.0)
    activesupport (7.2.2.1)
      base64
      benchmark (>= 0.3)
      bigdecimal
      concurrent-ruby (~> 1.0, >= 1.3.1)
      connection_pool (>= 2.2.5)
      drb
      i18n (>= 1.6, < 2)
      logger (>= 1.4.2)
      minitest (>= 5.1)
      securerandom (>= 0.3)
      tzinfo (~> 2.0, >= 2.0.5)
codex/remove-mastodon-support-and-add-nostr-lpfp5f
    base64 (0.1.2)
    bech32 (1.4.2)
      thor (>= 1.1.0)
    benchmark (0.4.1)
    bigdecimal (3.2.2)
    bip-schnorr (0.4.0)
      ecdsa (~> 1.2.0)
=======
    base64 (0.2.0)
    bech32 (1.5.0)
      thor (>= 1.1.0)
    benchmark (0.4.1)
    bigdecimal (3.2.2)
    bip-schnorr (0.7.0)
      ecdsa_ext (~> 0.5.0)
master
    concurrent-ruby (1.3.5)
    connection_pool (2.5.3)
    didkit (0.2.3)
    drb (2.2.3)
    ecdsa (1.2.0)
codex/remove-mastodon-support-and-add-nostr-lpfp5f
=======
    ecdsa_ext (0.5.1)
      ecdsa (~> 1.2.0)
master
    event_emitter (0.2.6)
    eventmachine (1.2.7)
    faye-websocket (0.12.0)
      eventmachine (>= 0.12.0)
      websocket-driver (>= 0.8.0)
    i18n (1.14.7)
      concurrent-ruby (~> 1.0)
    io-console (0.7.2)
    json (2.6.3)
    logger (1.7.0)
    mini_portile2 (2.8.9)
    minisky (0.5.0)
      base64 (~> 0.1)
    minitest (5.25.5)
    mutex_m (0.3.0)
    net-http (0.4.1)
      uri
codex/remove-mastodon-support-and-add-nostr-lpfp5f
    nostr_ruby (0.3.0)
      base64 (~> 0.1.1)
      bech32 (~> 1.4.0)
      bip-schnorr (~> 0.4.0)
      faye-websocket (~> 0.11)
      json (~> 2.6.2)
      unicode-emoji (~> 3.3.1)
=======
    nostr (0.5.0)
      bech32 (~> 1.4)
      bip-schnorr (~> 0.6)
      ecdsa (~> 1.2)
      event_emitter (~> 0.2)
      faye-websocket (~> 0.11)
      json (~> 2.6)
master
    securerandom (0.4.1)
    sqlite3 (2.7.1)
      mini_portile2 (~> 2.8.0)
    sqlite3 (2.7.1-aarch64-linux-gnu)
    sqlite3 (2.7.1-arm64-darwin)
    sqlite3 (2.7.1-x86_64-linux-gnu)
    thor (1.4.0)
    timeout (0.4.3)
    tzinfo (2.0.6)
      concurrent-ruby (~> 1.0)
    unicode-emoji (3.3.2)
      unicode-version (~> 1.0)
    unicode-version (1.5.0)
    uri (0.13.2)
codex/remove-mastodon-support-and-add-nostr-lpfp5f
    websocket (1.2.11)
    websocket-client-simple (0.9.0)
      base64
      event_emitter
      mutex_m
      websocket

master
    websocket-driver (0.8.0)
      base64
      websocket-extensions (>= 0.1.0)
    websocket-extensions (0.1.5)
    yaml (0.3.0)

PLATFORMS
  aarch64-linux
  arm64-darwin-21
  ruby
  x86_64-linux

DEPENDENCIES
  activerecord (~> 7.2)
  didkit (~> 0.2)
  io-console (~> 0.5)
  json (~> 2.5)
  minisky (~> 0.5)
  net-http (~> 0.2)
codex/remove-mastodon-support-and-add-nostr-lpfp5f
  nostr_ruby (~> 0.3)
 
  nostr (~> 0.5)
master
  sqlite3 (~> 2.7)
  uri (~> 0.13)
  websocket-client-simple (~> 0.8)
  yaml (~> 0.1)

BUNDLED WITH
   2.6.5
