GEM
  remote: https://rubygems.org/
  specs:
    activemodel (7.2.2.1)
      activesupport (= 7.2.2.1)
    activerecord (7.2.2.1)
      activemodel (= 7.2.2.1)
      activesupport (= 7.2.2.1)
      timeout (>= 0.4.0)
    activesupport (7.2.2.1)
      base64
      benchmark (>= 0.3)
      bigdecimal
      concurrent-ruby (~> 1.0, >= 1.3.1)
      connection_pool (>= 2.2.5)
      drb
      i18n (>= 1.6, < 2)
      logger (>= 1.4.2)
      minitest (>= 5.1)
      securerandom (>= 0.3)
      tzinfo (~> 2.0, >= 2.0.5)
    base64 (0.2.0)
    benchmark (0.4.1)
    bigdecimal (3.2.2)
    concurrent-ruby (1.3.5)
    connection_pool (2.5.3)
    didkit (0.2.3)
    drb (2.2.3)
    i18n (1.14.7)
      concurrent-ruby (~> 1.0)
    io-console (0.7.2)
    json (2.10.2)
    logger (1.7.0)
    mini_portile2 (2.8.9)
    minisky (0.5.0)
      base64 (~> 0.1)
    minitest (5.25.5)
    net-http (0.4.1)
      uri
    securerandom (0.4.1)
    sqlite3 (2.7.1)
      mini_portile2 (~> 2.8.0)
    sqlite3 (2.7.1-aarch64-linux-gnu)
    sqlite3 (2.7.1-arm64-darwin)
    sqlite3 (2.7.1-x86_64-linux-gnu)
    timeout (0.4.3)
    tzinfo (2.0.6)
      concurrent-ruby (~> 1.0)
    uri (0.13.2)
    yaml (0.3.0)

PLATFORMS
  aarch64-linux
  arm64-darwin-21
  ruby
  x86_64-linux

DEPENDENCIES
  activerecord (~> 7.2)
  didkit (~> 0.2)
  io-console (~> 0.5)
  json (~> 2.5)
  minisky (~> 0.5)
  net-http (~> 0.2)
  sqlite3 (~> 2.7)
  uri (~> 0.13)
  yaml (~> 0.1)

BUNDLED WITH
   2.6.5
