GEM
  remote: https://rubygems.org/
  specs:
    base64 (0.2.0)
    didkit (0.2.3)
    io-console (0.7.2)
    json (2.10.2)
    minisky (0.5.0)
      base64 (~> 0.1)
    net-http (0.4.1)
      uri
    uri (0.13.2)
    yaml (0.3.0)

PLATFORMS
  aarch64-linux
  arm64-darwin-21
  ruby
  x86_64-linux

DEPENDENCIES
  didkit (~> 0.2)
  io-console (~> 0.5)
  json (~> 2.5)
  minisky (~> 0.5)
  net-http (~> 0.2)
  uri (~> 0.13)
  yaml (~> 0.1)

BUNDLED WITH
   2.6.5
